PATH
  remote: .
  specs:
    postgres_to_redshift (0.1.11)
      aws-sdk-v1 (> 1.54)
      pg (> 0.17.0)

GEM
  remote: https://rubygems.org/
  specs:
    aws-sdk-v1 (1.67.0)
      json (~> 1.4)
      nokogiri (~> 1)
    diff-lcs (1.4.4)
    json (1.8.6)
    nokogiri (1.11.7-x86_64-darwin)
      racc (~> 1.4)
    pg (1.2.3)
    racc (1.5.2)
    rake (13.0.3)
    rspec (3.10.0)
      rspec-core (~> 3.10.0)
      rspec-expectations (~> 3.10.0)
      rspec-mocks (~> 3.10.0)
    rspec-core (3.10.1)
      rspec-support (~> 3.10.0)
    rspec-expectations (3.10.1)
      diff-lcs (>= 1.2.0, < 2.0)
      rspec-support (~> 3.10.0)
    rspec-mocks (3.10.2)
      diff-lcs (>= 1.2.0, < 2.0)
      rspec-support (~> 3.10.0)
    rspec-support (3.10.2)

PLATFORMS
  x86_64-darwin-18

DEPENDENCIES
  bundler (> 1.6)
  postgres_to_redshift!
  rake
  rspec

BUNDLED WITH
   2.2.17
